PATH
  remote: .
  specs:
    metador (1.0.0)

GEM
  remote: https://rubygems.org/
  specs:
    amq-protocol (2.0.1)
    attr_extras (5.1.0)
    bunny (2.6.2)
      amq-protocol (>= 2.0.1)
    coderay (1.1.1)
    exifr (1.2.5)
    faraday (0.10.0)
      multipart-post (>= 1.2, < 3)
    ffi (1.9.14)
    formatador (0.2.5)
    gdk_pixbuf2 (3.0.8)
      glib2 (= 3.0.8)
    gio2 (3.0.8)
      glib2 (= 3.0.8)
      gobject-introspection (= 3.0.8)
    glib2 (3.0.8)
      pkg-config
    gobject-introspection (3.0.8)
      glib2 (= 3.0.8)
    guard (2.14.0)
      formatador (>= 0.2.4)
      listen (>= 2.7, < 4.0)
      lumberjack (~> 1.0)
      nenv (~> 0.1)
      notiffany (~> 0.0)
      pry (>= 0.9.12)
      shellany (~> 0.0)
      thor (>= 0.18.1)
    guard-compat (1.2.1)
    guard-minitest (2.4.6)
      guard-compat (~> 1.2)
      minitest (>= 3.0)
    json (2.0.2)
    json_expressions (0.8.3)
    listen (3.1.5)
      rb-fsevent (~> 0.9, >= 0.9.4)
      rb-inotify (~> 0.9, >= 0.9.7)
      ruby_dep (~> 1.2)
    lumberjack (1.0.10)
    method_source (0.8.2)
    mini_magick (4.6.0)
    minitest (5.9.1)
    msgpack (1.1.0)
    multipart-post (2.0.0)
    nenv (0.3.0)
    notiffany (0.1.1)
      nenv (~> 0.1)
      shellany (~> 0.0)
    pkg-config (1.1.7)
    pry (0.10.4)
      coderay (~> 1.1.0)
      method_source (~> 0.8.1)
      slop (~> 3.4)
    rake (12.0.0)
    rb-fsevent (0.9.8)
    rb-inotify (0.9.7)
      ffi (>= 0.5.0)
    rbtrace (0.4.8)
      ffi (>= 1.0.6)
      msgpack (>= 0.4.3)
      trollop (>= 1.16.2)
    ruby-vips (1.0.3)
      gobject-introspection (= 3.0.8)
    ruby_dep (1.5.0)
    shellany (0.0.1)
    slop (3.6.0)
    thor (0.19.4)
    trollop (2.1.2)

PLATFORMS
  ruby

DEPENDENCIES
  attr_extras
  bundler (~> 1.3)
  bunny
  exifr
  faraday
  ffi
  gdk_pixbuf2
  gio2
  guard
  guard-minitest
  json
  json_expressions
  metador!
  mini_magick (= 4.6.0)
  minitest (~> 5.9.0)
  rake
  rbtrace
  ruby-vips (= 1.0.3)

BUNDLED WITH
   1.14.5
